GEM
  remote: https://rubygems.org/
  specs:
    Ascii85 (1.0.2)
    hashery (2.0.1)
    pdf-reader (1.2.0)
      Ascii85 (~> 1.0.0)
      hashery (~> 2.0)
      ruby-rc4
    prawn (0.12.0)
      pdf-reader (>= 0.9.0)
      ttfunk (~> 1.0.2)
    puma (1.6.3)
      rack (~> 1.2)
    rack (1.4.1)
    rack-protection (1.2.0)
      rack
    ruby-rc4 (0.1.5)
    sinatra (1.3.3)
      rack (~> 1.3, >= 1.3.6)
      rack-protection (~> 1.2)
      tilt (~> 1.3, >= 1.3.3)
    tilt (1.3.3)
    ttfunk (1.0.3)

PLATFORMS
  ruby

DEPENDENCIES
  prawn
  puma
  sinatra
